PATH
  remote: .
  specs:
    beanstalk-client-rspec (0.0.1)
      beanstalk-client
      rspec

GEM
  remote: https://rubygems.org/
  specs:
    beanstalk-client (1.1.1)
    diff-lcs (1.1.3)
    rspec (2.8.0)
      rspec-core (~> 2.8.0)
      rspec-expectations (~> 2.8.0)
      rspec-mocks (~> 2.8.0)
    rspec-core (2.8.0)
    rspec-expectations (2.8.0)
      diff-lcs (~> 1.1.2)
    rspec-mocks (2.8.0)

PLATFORMS
  ruby

DEPENDENCIES
  beanstalk-client-rspec!
